GIT
  remote: git@github.com:beneggett/summer
  revision: 5e9bb2ab341f8dcebc15163c31434820a92d55dd
  specs:
    summer (1.0.0)
      activesupport (>= 3)

GEM
  remote: https://rubygems.org/
  specs:
    activesupport (4.2.1)
      i18n (~> 0.7)
      json (~> 1.7, >= 1.7.7)
      minitest (~> 5.1)
      thread_safe (~> 0.3, >= 0.3.4)
      tzinfo (~> 1.1)
    builder (3.2.2)
    coderay (1.1.0)
    dino (0.11.2)
      serialport
    ffaker (2.0.0)
    ffi (1.9.8)
    hashie (3.4.1)
    httparty (0.13.5)
      json (~> 1.8)
      multi_xml (>= 0.5.2)
    i18n (0.7.0)
    json (1.8.2)
    jwt (1.5.0)
    method_source (0.8.2)
    minitest (5.6.1)
    multi_json (1.11.0)
    multi_xml (0.5.5)
    music_theory (0.3.2)
      activesupport
      wavefile
    pry (0.10.1)
      coderay (~> 1.1.0)
      method_source (~> 0.8.1)
      slop (~> 3.4)
    rubyserial (0.2.2)
      ffi (~> 1.9.3)
    serialport (1.3.1)
    slop (3.6.0)
    sphero (1.5.3)
      rubyserial (>= 0.2.2)
    thread_safe (0.3.5)
    twilio-ruby (4.2.0)
      builder (>= 2.1.2)
      jwt (~> 1.0)
      multi_json (>= 1.3.0)
    tzinfo (1.2.2)
      thread_safe (~> 0.1)
    wavefile (0.6.0)

PLATFORMS
  ruby

DEPENDENCIES
  dino
  ffaker
  hashie
  httparty
  music_theory
  pry
  sphero
  summer!
  twilio-ruby
