GEM
  specs:
    activesupport (3.2.21)
      i18n (~> 0.6, >= 0.6.4)
      multi_json (~> 1.0)
    builder (3.2.2)
    dino (0.11.2)
      serialport
    i18n (0.7.0)
    jwt (1.4.1)
    multi_json (1.11.0)
    serialport (1.3.1)
    summer (1.0.2)
      activesupport (~> 3.2.1)
    twilio-ruby (3.16.1)
      builder (>= 2.1.2)
      jwt (~> 1.0)
      multi_json (>= 1.3.0)

PLATFORMS
  ruby

DEPENDENCIES
  dino
  summer
  twilio-ruby
