GIT
  remote: git://github.com/QuintinAdam/summer.git
  revision: fcde37f0057f96351c11e9eb1872ff3d9150fcc6
  specs:
    summer (1.0.0)
      activesupport (>= 3)

GEM
  remote: https://rubygems.org/
  specs:
    activesupport (4.2.1)
      i18n (~> 0.7)
      json (~> 1.7, >= 1.7.7)
      minitest (~> 5.1)
      thread_safe (~> 0.3, >= 0.3.4)
      tzinfo (~> 1.1)
    coderay (1.1.0)
    dino (0.11.2)
      serialport
    ffi (1.9.8)
    hashie (3.4.1)
    httparty (0.13.3)
      json (~> 1.8)
      multi_xml (>= 0.5.2)
    i18n (0.7.0)
    json (1.8.2)
    method_source (0.8.2)
    minitest (5.6.1)
    multi_xml (0.5.5)
    pry (0.10.1)
      coderay (~> 1.1.0)
      method_source (~> 0.8.1)
      slop (~> 3.4)
    rubyserial (0.2.2)
      ffi (~> 1.9.3)
    serialport (1.3.1)
    slop (3.6.0)
    sphero (1.5.3)
      rubyserial (>= 0.2.2)
    thread_safe (0.3.5)
    tzinfo (1.2.2)
      thread_safe (~> 0.1)

PLATFORMS
  ruby

DEPENDENCIES
  dino
  hashie
  httparty
  pry
  sphero
  summer!
